GEM
  remote: https://rubygems.org/
  specs:
    coderay (1.1.3)
    method_source (1.1.0)
    ox (2.14.14)
    pry (0.14.2)
      coderay (~> 1.1)
      method_source (~> 1.0)
    stomp (1.4.10)

PLATFORMS
  ruby

DEPENDENCIES
  ox
  pry
  stomp

BUNDLED WITH
   1.17.2
